GIT
  remote: git://github.com/resolve/refinerycms.git
  revision: fe9ad87bb91495d0ef18364be56661afb1032e48
  branch: 2-0-stable
  specs:
    refinerycms (2.0.4)
      bundler (~> 1.0)
      refinerycms-authentication (= 2.0.4)
      refinerycms-core (= 2.0.4)
      refinerycms-dashboard (= 2.0.4)
      refinerycms-images (= 2.0.4)
      refinerycms-pages (= 2.0.4)
      refinerycms-resources (= 2.0.4)
    refinerycms-authentication (2.0.4)
      devise (~> 2.0.0)
      orm_adapter (~> 0.0.7)
      refinerycms-core (= 2.0.4)
    refinerycms-core (2.0.4)
      acts_as_indexed (~> 0.7.7)
      awesome_nested_set (~> 2.1.3)
      coffee-rails (~> 3.2.1)
      friendly_id (~> 4.0.1)
      globalize3 (~> 0.2.0)
      jquery-rails (~> 2.0.0)
      rails (>= 3.1.3, < 3.3)
      sass-rails (~> 3.2.3)
      truncate_html (~> 0.5)
      uglifier (>= 1.0.3)
      will_paginate (~> 3.0.2)
    refinerycms-dashboard (2.0.4)
      refinerycms-core (= 2.0.4)
    refinerycms-images (2.0.4)
      dragonfly (~> 0.9.8)
      rack-cache (>= 0.5.3)
      refinerycms-core (= 2.0.4)
    refinerycms-pages (2.0.4)
      awesome_nested_set (~> 2.1.3)
      babosa (!= 0.3.6)
      refinerycms-core (= 2.0.4)
      seo_meta (~> 1.3.0)
    refinerycms-resources (2.0.4)
      dragonfly (~> 0.9.8)
      rack-cache (>= 0.5.3)
      refinerycms-core (= 2.0.4)

PATH
  remote: /home/juozas/src/forem
  specs:
    forem (1.0.0.beta1)
      cancan
      rails (~> 3.1)
      simple_form
      workflow (= 0.8.0)

PATH
  remote: /home/juozas/src/forem-html_formatter
  specs:
    forem-html_formatter (0.1.0)
      forem
      sanitize

PATH
  remote: /home/juozas/src/refinerycms_membership
  specs:
    refinerycms-memberships (2.0.0)
      nokogiri (~> 1.5.0)
      refinerycms-core (>= 2.0.0)
      refinerycms-settings (>= 2.0.0)
      webrat (~> 0.7.3)

GEM
  remote: http://rubygems.org/
  specs:
    actionmailer (3.2.6)
      actionpack (= 3.2.6)
      mail (~> 2.4.4)
    actionpack (3.2.6)
      activemodel (= 3.2.6)
      activesupport (= 3.2.6)
      builder (~> 3.0.0)
      erubis (~> 2.7.0)
      journey (~> 1.0.1)
      rack (~> 1.4.0)
      rack-cache (~> 1.2)
      rack-test (~> 0.6.1)
      sprockets (~> 2.1.3)
    activemodel (3.2.6)
      activesupport (= 3.2.6)
      builder (~> 3.0.0)
    activerecord (3.2.6)
      activemodel (= 3.2.6)
      activesupport (= 3.2.6)
      arel (~> 3.0.2)
      tzinfo (~> 0.3.29)
    activeresource (3.2.6)
      activemodel (= 3.2.6)
      activesupport (= 3.2.6)
    activesupport (3.2.6)
      i18n (~> 0.6)
      multi_json (~> 1.0)
    acts_as_indexed (0.7.8)
    arel (3.0.2)
    awesome_nested_set (2.1.3)
      activerecord (>= 3.0.0)
    babosa (0.3.7)
    bcrypt-ruby (3.0.1)
    builder (3.0.0)
    cancan (1.6.7)
    coffee-rails (3.2.2)
      coffee-script (>= 2.2.0)
      railties (~> 3.2.0)
    coffee-script (2.2.0)
      coffee-script-source
      execjs
    coffee-script-source (1.3.3)
    columnize (0.3.6)
    devise (2.0.4)
      bcrypt-ruby (~> 3.0)
      orm_adapter (~> 0.0.3)
      railties (~> 3.1)
      warden (~> 1.1.1)
    dragonfly (0.9.12)
      rack
    erubis (2.7.0)
    execjs (1.4.0)
      multi_json (~> 1.0)
    friendly_id (4.0.6)
    globalize3 (0.2.0)
      activemodel (>= 3.0.0)
      activerecord (>= 3.0.0)
      paper_trail (~> 2)
    hike (1.2.1)
    i18n (0.6.0)
    journey (1.0.4)
    jquery-rails (2.0.2)
      railties (>= 3.2.0, < 5.0)
      thor (~> 0.14)
    json (1.7.3)
    kgio (2.7.3)
    linecache (0.46)
      rbx-require-relative (> 0.0.4)
    mail (2.4.4)
      i18n (>= 0.4.0)
      mime-types (~> 1.16)
      treetop (~> 1.4.8)
    mime-types (1.19)
    multi_json (1.3.6)
    mysql2 (0.3.11)
    nokogiri (1.5.5)
    orm_adapter (0.0.7)
    paper_trail (2.6.3)
      activerecord (~> 3.0)
      railties (~> 3.0)
    polyglot (0.3.3)
    rack (1.4.1)
    rack-cache (1.2)
      rack (>= 0.4)
    rack-ssl (1.3.2)
      rack
    rack-test (0.6.1)
      rack (>= 1.0)
    rails (3.2.6)
      actionmailer (= 3.2.6)
      actionpack (= 3.2.6)
      activerecord (= 3.2.6)
      activeresource (= 3.2.6)
      activesupport (= 3.2.6)
      bundler (~> 1.0)
      railties (= 3.2.6)
    railties (3.2.6)
      actionpack (= 3.2.6)
      activesupport (= 3.2.6)
      rack-ssl (~> 1.3.2)
      rake (>= 0.8.7)
      rdoc (~> 3.4)
      thor (>= 0.14.6, < 2.0)
    raindrops (0.8.0)
    rake (0.9.2.2)
    rbx-require-relative (0.0.9)
    rdoc (3.12)
      json (~> 1.4)
    refinerycms-settings (2.0.1)
      refinerycms-core (~> 2.0.1)
    ruby-debug (0.10.4)
      columnize (>= 0.1)
      ruby-debug-base (~> 0.10.4.0)
    ruby-debug-base (0.10.4)
      linecache (>= 0.3)
    sanitize (2.0.3)
      nokogiri (>= 1.4.4, < 1.6)
    sass (3.1.18)
    sass-rails (3.2.5)
      railties (~> 3.2.0)
      sass (>= 3.1.10)
      tilt (~> 1.3)
    seo_meta (1.3.0)
      railties (>= 3.0.0)
    simple_form (2.0.2)
      actionpack (~> 3.0)
      activemodel (~> 3.0)
    sprockets (2.1.3)
      hike (~> 1.2)
      rack (~> 1.0)
      tilt (~> 1.1, != 1.3.0)
    thor (0.15.4)
    tidy-ext (0.1.12)
    tilt (1.3.3)
    treetop (1.4.10)
      polyglot
      polyglot (>= 0.3.1)
    truncate_html (0.5.5)
    tzinfo (0.3.33)
    uglifier (1.2.4)
      execjs (>= 0.3.0)
      multi_json (>= 1.0.2)
    unicorn (4.2.0)
      kgio (~> 2.6)
      rack
      raindrops (~> 0.7)
    warden (1.1.1)
      rack (>= 1.0)
    webrat (0.7.3)
      nokogiri (>= 1.2.0)
      rack (>= 1.0)
      rack-test (>= 0.5.3)
    will_paginate (3.0.3)
    workflow (0.8.0)

PLATFORMS
  ruby

DEPENDENCIES
  cancan (= 1.6.7)
  coffee-rails (~> 3.2.0)
  execjs
  forem!
  forem-html_formatter!
  jquery-rails
  json
  mysql2
  rails (~> 3.2.0)
  refinerycms!
  refinerycms-memberships (= 2.0)!
  ruby-debug
  sass-rails (~> 3.2.0)
  tidy-ext
  uglifier (>= 1.0.3)
  unicorn
