GIT
  remote: git://github.com/juozasg/forem.git
  revision: 71a6bf623ed023013dac7b6cf2e70159b3d9ff0c
  specs:
    forem (0.1)
      rails (~> 3.1.0)
      simple_form
      will_paginate

GIT
  remote: git://github.com/resolve/refinerycms.git
  revision: 86e3b70062bdd62cd4e436c43300ca198c1a2b87
  specs:
    refinerycms (2.0.0)
      bundler (~> 1.0)
      refinerycms-authentication (= 2.0.0)
      refinerycms-base (= 2.0.0)
      refinerycms-core (= 2.0.0)
      refinerycms-dashboard (= 2.0.0)
      refinerycms-images (= 2.0.0)
      refinerycms-pages (= 2.0.0)
      refinerycms-resources (= 2.0.0)
      refinerycms-settings (= 2.0.0)
    refinerycms-authentication (2.0.0)
      devise (~> 1.4.0)
      friendly_id_globalize3 (~> 3.2.1)
      refinerycms-core (= 2.0.0)
    refinerycms-base (2.0.0)
    refinerycms-core (2.0.0)
      acts_as_indexed (~> 0.7)
      awesome_nested_set (~> 2.0)
      coffee-rails (~> 3.1.0)
      friendly_id_globalize3 (~> 3.2.1)
      globalize3 (~> 0.2.0.beta3)
      jquery-rails
      rails (>= 3.1.1)
      refinerycms-base (= 2.0.0)
      refinerycms-settings (= 2.0.0)
      sass-rails (~> 3.1.0)
      truncate_html (~> 0.5)
      uglifier
      will_paginate (~> 3.0.1)
    refinerycms-dashboard (2.0.0)
      refinerycms-core (= 2.0.0)
    refinerycms-images (2.0.0)
      activerecord (~> 3.1.0)
      dragonfly (~> 0.9.8)
      rack-cache (>= 0.5.3)
      refinerycms-core (= 2.0.0)
    refinerycms-pages (2.0.0)
      activerecord (~> 3.1.0)
      awesome_nested_set (~> 2.0)
      friendly_id_globalize3 (~> 3.2.1)
      refinerycms-core (= 2.0.0)
      seo_meta (>= 1.2.0.rc2)
    refinerycms-resources (2.0.0)
      activerecord (~> 3.1.0)
      dragonfly (~> 0.9.8)
      rack-cache (>= 0.5.3)
      refinerycms-core (= 2.0.0)
    refinerycms-settings (2.0.0)
      activerecord (~> 3.1.0)
      refinerycms-base (= 2.0.0)

GEM
  remote: http://rubygems.org/
  specs:
    actionmailer (3.1.1)
      actionpack (= 3.1.1)
      mail (~> 2.3.0)
    actionpack (3.1.1)
      activemodel (= 3.1.1)
      activesupport (= 3.1.1)
      builder (~> 3.0.0)
      erubis (~> 2.7.0)
      i18n (~> 0.6)
      rack (~> 1.3.2)
      rack-cache (~> 1.1)
      rack-mount (~> 0.8.2)
      rack-test (~> 0.6.1)
      sprockets (~> 2.0.2)
    activemodel (3.1.1)
      activesupport (= 3.1.1)
      builder (~> 3.0.0)
      i18n (~> 0.6)
    activerecord (3.1.1)
      activemodel (= 3.1.1)
      activesupport (= 3.1.1)
      arel (~> 2.2.1)
      tzinfo (~> 0.3.29)
    activeresource (3.1.1)
      activemodel (= 3.1.1)
      activesupport (= 3.1.1)
    activesupport (3.1.1)
      multi_json (~> 1.0)
    acts_as_indexed (0.7.5)
    arel (2.2.1)
    awesome_nested_set (2.0.2)
      activerecord (>= 3.0.0)
    babosa (0.3.5)
    bcrypt-ruby (3.0.1)
    builder (3.0.0)
    coffee-rails (3.1.1)
      coffee-script (>= 2.2.0)
      railties (~> 3.1.0)
    coffee-script (2.2.0)
      coffee-script-source
      execjs
    coffee-script-source (1.1.2)
    columnize (0.3.4)
    devise (1.4.8)
      bcrypt-ruby (~> 3.0)
      orm_adapter (~> 0.0.3)
      warden (~> 1.0.3)
    dragonfly (0.9.8)
      rack
    erubis (2.7.0)
    execjs (1.2.9)
      multi_json (~> 1.0)
    friendly_id_globalize3 (3.2.1.5)
      babosa (~> 0.3.0)
    globalize3 (0.2.0.beta4)
      activemodel (>= 3.0.0)
      activerecord (>= 3.0.0)
      paper_trail (~> 2)
    hike (1.2.1)
    i18n (0.6.0)
    jquery-rails (1.0.16)
      railties (~> 3.0)
      thor (~> 0.14)
    json (1.6.1)
    kgio (2.6.0)
    libv8 (3.3.10.2)
    linecache (0.46)
      rbx-require-relative (> 0.0.4)
    mail (2.3.0)
      i18n (>= 0.4.0)
      mime-types (~> 1.16)
      treetop (~> 1.4.8)
    mime-types (1.17.1)
    multi_json (1.0.3)
    mysql2 (0.3.7)
    nokogiri (1.5.0)
    orm_adapter (0.0.5)
    paper_trail (2.4.0)
      rails (~> 3)
    polyglot (0.3.2)
    rack (1.3.5)
    rack-cache (1.1)
      rack (>= 0.4)
    rack-mount (0.8.3)
      rack (>= 1.0.0)
    rack-ssl (1.3.2)
      rack
    rack-test (0.6.1)
      rack (>= 1.0)
    rails (3.1.1)
      actionmailer (= 3.1.1)
      actionpack (= 3.1.1)
      activerecord (= 3.1.1)
      activeresource (= 3.1.1)
      activesupport (= 3.1.1)
      bundler (~> 1.0)
      railties (= 3.1.1)
    railties (3.1.1)
      actionpack (= 3.1.1)
      activesupport (= 3.1.1)
      rack-ssl (~> 1.3.2)
      rake (>= 0.8.7)
      rdoc (~> 3.4)
      thor (~> 0.14.6)
    raindrops (0.8.0)
    rake (0.9.2.2)
    rbx-require-relative (0.0.5)
    rdoc (3.11)
      json (~> 1.4)
    ruby-debug (0.10.4)
      columnize (>= 0.1)
      ruby-debug-base (~> 0.10.4.0)
    ruby-debug-base (0.10.4)
      linecache (>= 0.3)
    sanitize (2.0.3)
      nokogiri (< 1.6, >= 1.4.4)
    sass (3.1.10)
    sass-rails (3.1.4)
      actionpack (~> 3.1.0)
      railties (~> 3.1.0)
      sass (>= 3.1.4)
      sprockets (~> 2.0.0)
      tilt (~> 1.3.2)
    seo_meta (1.2.0.rc2)
      rails (>= 3.0.0)
    simple_form (1.5.2)
      actionpack (~> 3.0)
      activemodel (~> 3.0)
    sprockets (2.0.3)
      hike (~> 1.2)
      rack (~> 1.0)
      tilt (!= 1.3.0, ~> 1.1)
    therubyracer (0.9.6)
      libv8 (~> 3.3.10)
    thor (0.14.6)
    tilt (1.3.3)
    treetop (1.4.10)
      polyglot
      polyglot (>= 0.3.1)
    truncate_html (0.5.1)
    tzinfo (0.3.30)
    uglifier (1.0.3)
      execjs (>= 0.3.0)
      multi_json (>= 1.0.2)
    unicorn (4.1.1)
      kgio (~> 2.4)
      rack
      raindrops (~> 0.8)
    warden (1.0.6)
      rack (>= 1.0)
    will_paginate (3.0.2)

PLATFORMS
  ruby

DEPENDENCIES
  coffee-rails (~> 3.1.0)
  execjs
  forem!
  jquery-rails
  json
  mysql2
  rails (~> 3.1.1.rc2)
  refinerycms!
  ruby-debug
  sanitize
  sass-rails (~> 3.1.0)
  therubyracer (= 0.9.6)
  uglifier (>= 1.0.3)
  unicorn
